GEM
  remote: http://rubygems.org/
  specs:
    addressable (2.4.0)
    celluloid (0.17.3)
      celluloid-essentials
      celluloid-extras
      celluloid-fsm
      celluloid-pool
      celluloid-supervision
      timers (>= 4.1.1)
    celluloid-essentials (0.20.5)
      timers (>= 4.1.1)
    celluloid-extras (0.20.5)
      timers (>= 4.1.1)
    celluloid-fsm (0.20.5)
      timers (>= 4.1.1)
    celluloid-io (0.17.3)
      celluloid (>= 0.17.2)
      nio4r (>= 1.1)
      timers (>= 4.1.1)
    celluloid-pool (0.20.5)
      timers (>= 4.1.1)
    celluloid-supervision (0.20.6)
      timers (>= 4.1.1)
    descendants_tracker (0.0.4)
      thread_safe (~> 0.3, >= 0.3.1)
    faraday (0.9.2)
      multipart-post (>= 1.2, < 3)
    foreman (0.84.0)
      thor (~> 0.19.1)
    github_api (0.17.0)
      addressable (~> 2.4.0)
      descendants_tracker (~> 0.0.4)
      faraday (~> 0.8, < 0.10)
      hashie (>= 3.4)
      mime-types (>= 1.16, < 3.0)
      oauth2 (~> 1.0)
    hashie (3.5.5)
    hitimes (1.2.4)
    jwt (1.5.6)
    mime-types (2.99.3)
    multi_json (1.12.1)
    multi_xml (0.6.0)
    multipart-post (2.0.0)
    mustermann (1.0.2)
    nio4r (2.0.0)
    oauth2 (1.3.1)
      faraday (>= 0.8, < 0.12)
      jwt (~> 1.0)
      multi_json (~> 1.3)
      multi_xml (~> 0.5)
      rack (>= 1.2, < 3)
    rack (2.0.4)
    rack-protection (2.0.1)
      rack
    sinatra (2.0.1)
      mustermann (~> 1.0)
      rack (~> 2.0)
      rack-protection (= 2.0.1)
      tilt (~> 2.0)
    thor (0.19.4)
    thread_safe (0.3.6)
    tilt (2.0.8)
    timers (4.1.2)
      hitimes
    web (0.1.0)

PLATFORMS
  ruby

DEPENDENCIES
  celluloid-io
  foreman
  github_api
  sinatra
  web

BUNDLED WITH
   1.12.5
